GEM
  remote: https://rubygems.org/
  specs:
    bootstrap-sass (2.3.2.0)
      sass (~> 3.2)
    rack (1.5.2)
    sass (3.2.12)

PLATFORMS
  ruby

DEPENDENCIES
  bootstrap-sass (= 2.3.2)
  rack
